GEM
  remote: https://rubygems.org/
  specs:
    awesome_print (1.7.0)
    dotenv (2.1.1)
    json (1.8.3)

PLATFORMS
  ruby

DEPENDENCIES
  awesome_print
  dotenv
  json

BUNDLED WITH
   1.11.2
