GEM
  remote: https://rubygems.org/
  specs:
    addressable (2.4.0)
    awesome_print (1.7.0)
    crack (0.4.3)
      safe_yaml (~> 1.0.0)
    dotenv (2.1.1)
    hashdiff (0.3.0)
    json (1.8.3)
    safe_yaml (1.0.4)
    webmock (2.1.0)
      addressable (>= 2.3.6)
      crack (>= 0.3.2)
      hashdiff

PLATFORMS
  ruby

DEPENDENCIES
  awesome_print
  dotenv
  json
  webmock

BUNDLED WITH
   1.11.2
