GEM
  remote: https://rubygems.org/
  specs:
    dotenv (2.1.1)
    json (1.8.3)

PLATFORMS
  ruby

DEPENDENCIES
  dotenv
  json

BUNDLED WITH
   1.11.2
